GEM
  remote: https://rubygems.org/
  specs:
    debase (0.2.2)
      debase-ruby_core_source (>= 0.10.2)
    debase-ruby_core_source (0.10.3)
    diff-lcs (1.3)
    rake (12.3.1)
    rspec (3.7.0)
      rspec-core (~> 3.7.0)
      rspec-expectations (~> 3.7.0)
      rspec-mocks (~> 3.7.0)
    rspec-core (3.7.1)
      rspec-support (~> 3.7.0)
    rspec-expectations (3.7.0)
      diff-lcs (>= 1.2.0, < 2.0)
      rspec-support (~> 3.7.0)
    rspec-mocks (3.7.0)
      diff-lcs (>= 1.2.0, < 2.0)
      rspec-support (~> 3.7.0)
    rspec-support (3.7.1)
    ruby-debug-ide (0.6.1)
      rake (>= 0.8.1)

PLATFORMS
  ruby

DEPENDENCIES
  debase
  rspec (>= 3.0.0)
  ruby-debug-ide

RUBY VERSION
   ruby 2.5.1p57

BUNDLED WITH
   1.16.1
